GEM
  remote: https://rubygems.org/
  specs:
    multi_json (1.3.7)
    thor (0.16.0)
    travis (0.0.7)
      multi_json (~> 1.3)
      thor (~> 0.16.0)

PLATFORMS
  ruby

DEPENDENCIES
  travis
